GEM
  remote: https://rubygems.org/
  specs:
    cgi (0.4.0)
    erb (4.0.3)
      cgi (>= 0.3.3)
    googlecharts (1.6.12)

PLATFORMS
  ruby

DEPENDENCIES
  erb (~> 4.0)
  googlecharts (~> 1.6)

BUNDLED WITH
   2.3.7
